GIT
  remote: https://github.com/Vanuan/cucumber-rails.git
  revision: b31afa4a5e7dd3f3465e4666f452605ddfc8d7ed
  branch: cucumber-rails2_v0.3.3
  specs:
    cucumber-rails (0.3.3)
      cucumber (~> 1.1.0)

GEM
  remote: http://rubygems.org/
  remote: http://rubygems.org/
  specs:
    Ascii85 (1.0.2)
    ZenTest (4.5.0)
    actionmailer (2.3.14)
      actionpack (= 2.3.14)
    actionpack (2.3.14)
      activesupport (= 2.3.14)
      rack (~> 1.1.0)
    activerecord (2.3.14)
      activesupport (= 2.3.14)
    activeresource (2.3.14)
      activesupport (= 2.3.14)
    activesupport (2.3.14)
    afm (0.2.0)
    autotest-rails (4.1.2)
      ZenTest (~> 4.5)
    builder (3.1.4)
    capybara (1.1.4)
      mime-types (>= 1.16)
      nokogiri (>= 1.3.3)
      rack (>= 1.0.0)
      rack-test (>= 0.5.4)
      selenium-webdriver (~> 2.0)
      xpath (~> 0.1.4)
    childprocess (0.3.8)
      ffi (~> 1.0, >= 1.0.11)
    coderay (1.0.8)
    cucumber (1.1.0)
      builder (>= 2.1.2)
      diff-lcs (>= 1.1.2)
      gherkin (~> 2.5.0)
      json (>= 1.4.6)
      term-ansicolor (>= 1.0.6)
    culerity (0.2.15)
    daemons (1.1.9)
    database_cleaner (0.9.1)
    diff-lcs (1.2.1)
    edavis10-object_daddy (0.4.3)
    eventmachine (1.0.0)
    fastercsv (1.5.5)
    faye-websocket (0.4.7)
      eventmachine (>= 0.12.0)
    ffi (1.4.0)
    gherkin (2.5.4)
      json (>= 1.4.6)
    hashery (2.1.0)
    holidays (1.0.3)
    http_parser.rb (0.5.3)
    i18n (0.4.2)
    icalendar (1.2.2)
    json (1.7.7)
    metaclass (0.0.1)
    mime-types (1.21)
    mocha (0.12.3)
      metaclass (~> 0.0.1)
    multi_json (1.6.1)
    mysql (2.9.1)
    mysql2 (0.2.18)
    net-ldap (0.3.1)
    nokogiri (1.5.6)
    open-uri-cached (0.0.5)
    pdf-reader (1.3.1)
      Ascii85 (~> 1.0.0)
      afm (~> 0.2.0)
      hashery (~> 2.0)
      ruby-rc4
      ttfunk
    pg (0.14.1)
    poltergeist (1.0.2)
      capybara (~> 1.1)
      childprocess (~> 0.3)
      faye-websocket (~> 0.4, >= 0.4.4)
      http_parser.rb (~> 0.5.3)
      multi_json (~> 1.0)
    prawn (0.12.0)
      pdf-reader (>= 0.9.0)
      ttfunk (~> 1.0.2)
    rack (1.1.6)
    rack-test (0.6.2)
      rack (>= 1.0)
    rails (2.3.14)
      actionmailer (= 2.3.14)
      actionpack (= 2.3.14)
      activerecord (= 2.3.14)
      activeresource (= 2.3.14)
      activesupport (= 2.3.14)
      rake (>= 0.8.3)
    rake (10.0.3)
    rcov (1.0.0)
    rdoc (3.12.1)
      json (~> 1.4)
    redgreen (1.2.2)
    rmagick (2.13.2)
    rspec (1.3.1)
    rspec-rails (1.3.3)
      rack (>= 1.0.0)
      rspec (= 1.3.1)
    ruby-openid (2.1.8)
    ruby-rc4 (0.1.5)
    rubyzip (0.9.9)
    selenium-webdriver (2.29.0)
      childprocess (>= 0.2.5)
      multi_json (~> 1.0)
      rubyzip
      websocket (~> 1.0.4)
    shoulda (2.10.3)
    spork (0.9.2)
    sqlite3 (1.3.7)
    system_timer (1.2.4)
    term-ansicolor (1.0.7)
    test-unit (2.5.4)
    thin (1.5.0)
      daemons (>= 1.0.9)
      eventmachine (>= 0.12.6)
      rack (>= 1.0.0)
    timecop (0.5.9.2)
    ttfunk (1.0.3)
    tzinfo (0.3.35)
    websocket (1.0.7)
    xpath (0.1.4)
      nokogiri (~> 1.3)

PLATFORMS
  ruby

DEPENDENCIES
  ZenTest (= 4.5.0)
  activerecord-jdbcmysql-adapter
  activerecord-jdbcpostgresql-adapter
  activerecord-jdbcsqlite3-adapter
  autotest-rails
  capybara (~> 1.1.0)
  coderay (~> 1.0.6)
  cucumber (= 1.1.0)
  cucumber-rails!
  culerity (= 0.2.15)
  database_cleaner
  edavis10-object_daddy
  fastercsv (~> 1.5.0)
  gherkin (~> 2.5.0)
  holidays (= 1.0.3)
  i18n (~> 0.4.2)
  icalendar
  jruby-openssl
  json
  mocha (= 0.12.3)
  mysql
  mysql2 (~> 0.2.7)
  net-ldap (~> 0.3.1)
  nokogiri
  open-uri-cached
  pg (>= 0.11.0)
  poltergeist
  prawn
  rails (= 2.3.14)
  rcov
  rdoc (>= 2.4.2)
  redgreen
  rmagick (>= 2.0.0)
  rspec (= 1.3.1)
  rspec-rails (= 1.3.3)
  ruby-openid (~> 2.1.4)
  shoulda (~> 2.10.3)
  spork
  sqlite3
  system_timer
  test-unit
  thin
  timecop
  tzinfo (~> 0.3.31)
